GEM
  remote: https://rubygems.org/
  specs:
    haml (3.0.25)
    puma (2.9.1)
      rack (>= 1.1, < 2.0)
    rack (1.2.2)
    sass (3.1.0.alpha.252)
    shack (0.0.1)
    shotgun (0.9)
      rack (>= 1.0)
    sinatra (1.2.1)
      rack (~> 1.1)
      tilt (>= 1.2.2, < 2.0)
    tilt (1.2.2)

PLATFORMS
  ruby

DEPENDENCIES
  haml
  puma
  sass
  shack
  shotgun
  sinatra
